PATH
  remote: .
  specs:
    peruse (0.4.0)
      activesupport (>= 4.0.0, < 7)
      chronic (~> 0.10, >= 0.10.0)
      elasticsearch (~> 1.0, >= 1.0.0)
      json (~> 1.8, >= 1.8.0)
      parslet (~> 1.5, >= 1.5.0)

GEM
  remote: https://rubygems.org/
  specs:
    activesupport (4.2.11.3)
      i18n (~> 0.7)
      minitest (~> 5.1)
      thread_safe (~> 0.3, >= 0.3.4)
      tzinfo (~> 1.1)
    chronic (0.10.2)
    concurrent-ruby (1.1.9)
    diff-lcs (1.2.5)
    elasticsearch (1.1.3)
      elasticsearch-api (= 1.1.3)
      elasticsearch-transport (= 1.1.3)
    elasticsearch-api (1.1.3)
      multi_json
    elasticsearch-transport (1.1.3)
      faraday
      multi_json
    faraday (0.17.4)
      multipart-post (>= 1.2, < 3)
    i18n (0.9.5)
      concurrent-ruby (~> 1.0)
    json (1.8.6)
    minitest (5.12.0)
    multi_json (1.15.0)
    multipart-post (2.1.1)
    parslet (1.8.2)
    rspec (3.1.0)
      rspec-core (~> 3.1.0)
      rspec-expectations (~> 3.1.0)
      rspec-mocks (~> 3.1.0)
    rspec-core (3.1.3)
      rspec-support (~> 3.1.0)
    rspec-expectations (3.1.1)
      diff-lcs (>= 1.2.0, < 2.0)
      rspec-support (~> 3.1.0)
    rspec-mocks (3.1.0)
      rspec-support (~> 3.1.0)
    rspec-support (3.1.0)
    thread_safe (0.3.6)
    timecop (0.7.1)
    tzinfo (1.2.9)
      thread_safe (~> 0.1)

PLATFORMS
  ruby

DEPENDENCIES
  peruse!
  rspec (~> 3.1, >= 3.1.0)
  timecop (~> 0.7, >= 0.7.1)
