PATH
  remote: .
  specs:
    plunk (0.2.3)
      activesupport
      elasticsearch
      json
      parslet

GEM
  remote: https://rubygems.org/
  specs:
    activesupport (4.0.2)
      i18n (~> 0.6, >= 0.6.4)
      minitest (~> 4.2)
      multi_json (~> 1.3)
      thread_safe (~> 0.1)
      tzinfo (~> 0.3.37)
    atomic (1.1.14)
    blankslate (2.1.2.4)
    diff-lcs (1.2.5)
    elasticsearch (0.4.3)
      elasticsearch-api (= 0.4.3)
      elasticsearch-transport (= 0.4.3)
    elasticsearch-api (0.4.3)
      multi_json
    elasticsearch-transport (0.4.3)
      faraday
      multi_json
    faraday (0.8.8)
      multipart-post (~> 1.2.0)
    i18n (0.6.9)
    json (1.8.1)
    minitest (4.7.5)
    multi_json (1.8.2)
    multipart-post (1.2.0)
    parslet (1.5.0)
      blankslate (~> 2.0)
    rspec (2.14.1)
      rspec-core (~> 2.14.0)
      rspec-expectations (~> 2.14.0)
      rspec-mocks (~> 2.14.0)
    rspec-core (2.14.7)
    rspec-expectations (2.14.4)
      diff-lcs (>= 1.1.3, < 2.0)
    rspec-mocks (2.14.4)
    thread_safe (0.1.3)
      atomic
    tzinfo (0.3.38)

PLATFORMS
  ruby

DEPENDENCIES
  plunk!
  rspec
